GEM
  remote: https://rubygems.org/
  specs:
    jruby-jars (9.2.9.0)
    jruby-rack (1.1.21)
    rake (13.0.1)
    rubyzip (1.3.0)
    warbler (2.0.5)
      jruby-jars (>= 9.0.0.0)
      jruby-rack (>= 1.1.1, < 1.3)
      rake (>= 10.1.0)
      rubyzip (~> 1.0, < 1.4)

PLATFORMS
  java

DEPENDENCIES
  warbler (~> 2.0)

BUNDLED WITH
   2.0.2
